ObjectType = Image
NDims = 3
DimSize = 501 501 501
ElementType = MET_UCHAR
ElementByteOrderMSB = True
TransformMatrix = 1 0 0 0 1 0 0 0 1
Offset = -0.25 -0.25 -0.25
ElementSize = 0.001 0.001 0.001
ElementSpacing = 0.001 0.001 0.001
ElementDataFile = crack_angelo.raw
