ObjectType = Image
NDims = 3
DimSize = 1001 1001 1001
ElementType = MET_UCHAR
ElementByteOrderMSB = True
TransformMatrix = 1 0 0 0 1 0 0 0 1
Offset = -0.5 -0.5 -0.5
ElementSize = 0.001 0.001 0.001
ElementSpacing = 0.001 0.001 0.001
ElementDataFile = crack_45degree_2.raw
