ObjectType = Image
NDims = 3
DimSize = 1001 501 1001
ElementType = MET_UCHAR
ElementByteOrderMSB = True
TransformMatrix = 1 0 0 0 1 0 0 0 1
Offset = -0.25 -0.125 -0.25
ElementSize = 5.0E-4 5.0E-4 5.0E-4
ElementSpacing = 5.0E-4 5.0E-4 5.0E-4
ElementDataFile = crack_tri.raw
